GEM
2	  remote: https://rubygems.org/
3	  specs:
4	    CFPropertyList (3.0.5)
5	      rexml
6	    activesupport (6.1.4.1)
7	      concurrent-ruby (~> 1.0, >= 1.0.2)
8	      i18n (>= 1.6, < 2)
9	      minitest (>= 5.1)
10	      tzinfo (~> 2.0)
11	      zeitwerk (~> 2.3)
12	    addressable (2.8.0)
13	      public_suffix (>= 2.0.2, < 5.0)
14	    algoliasearch (1.27.5)
15	      httpclient (~> 2.8, >= 2.8.3)
16	      json (>= 1.5.1)
17	    atomos (0.1.3)
18	    claide (1.0.3)
19	    cocoapods (1.11.2)
20	      addressable (~> 2.8)
21	      claide (>= 1.0.2, < 2.0)
22	      cocoapods-core (= 1.11.2)
23	      cocoapods-deintegrate (>= 1.0.3, < 2.0)
24	      cocoapods-downloader (>= 1.4.0, < 2.0)
25	      cocoapods-plugins (>= 1.0.0, < 2.0)
26	      cocoapods-search (>= 1.0.0, < 2.0)
27	      cocoapods-trunk (>= 1.4.0, < 2.0)
28	      cocoapods-try (>= 1.1.0, < 2.0)
29	      colored2 (~> 3.1)
30	      escape (~> 0.0.4)
31	      fourflusher (>= 2.3.0, < 3.0)
32	      gh_inspector (~> 1.0)
33	      molinillo (~> 0.8.0)
34	      nap (~> 1.0)
35	      ruby-macho (>= 1.0, < 3.0)
36	      xcodeproj (>= 1.21.0, < 2.0)
37	    cocoapods-core (1.11.2)
38	      activesupport (>= 5.0, < 7)
39	      addressable (~> 2.8)
40	      algoliasearch (~> 1.0)
41	      concurrent-ruby (~> 1.1)
42	      fuzzy_match (~> 2.0.4)
43	      nap (~> 1.0)
44	      netrc (~> 0.11)
45	      public_suffix (~> 4.0)
46	      typhoeus (~> 1.0)
47	    cocoapods-deintegrate (1.0.5)
48	    cocoapods-downloader (1.6.2)
49	    cocoapods-plugins (1.0.0)
50	      nap
51	    cocoapods-search (1.0.1)
52	    cocoapods-trunk (1.6.0)
53	      nap (>= 0.8, < 2.0)
54	      netrc (~> 0.11)
55	    cocoapods-try (1.2.0)
56	    colored2 (3.1.2)
57	    concurrent-ruby (1.1.10)
58	    escape (0.0.4)
59	    ethon (0.15.0)
60	      ffi (>= 1.15.0)
61	    ffi (1.15.4)
62	    fourflusher (2.3.1)
63	    fuzzy_match (2.0.4)
64	    gh_inspector (1.1.3)
65	    httpclient (2.8.3)
66	    i18n (1.8.11)
67	      concurrent-ruby (~> 1.0)
68	    json (2.6.1)
69	    minitest (5.14.4)
70	    molinillo (0.8.0)
71	    nanaimo (0.3.0)
72	    nap (1.1.0)
73	    netrc (0.11.0)
74	    public_suffix (4.0.6)
75	    rexml (3.2.5)
76	    ruby-macho (2.5.1)
77	    typhoeus (1.4.0)
78	      ethon (>= 0.9.0)
79	    tzinfo (2.0.4)
80	      concurrent-ruby (~> 1.0)
81	    xcodeproj (1.21.0)
82	      CFPropertyList (>= 2.3.3, < 4.0)
83	      atomos (~> 0.1.3)
84	      claide (>= 1.0.2, < 2.0)
85	      colored2 (~> 3.1)
86	      nanaimo (~> 0.3.0)
87	      rexml (~> 3.2.4)
88	    zeitwerk (2.5.1)
89	
90	PLATFORMS
91	  ruby
92	
93	DEPENDENCIES
94	  cocoapods (~> 1.11, >= 1.11.2)
95	
96	RUBY VERSION
97	   ruby 2.7.4p191
98	
99	BUNDLED WITH
100	   2.2.29